GEM
  remote: https://rubygems.org/
  specs:
    coderay (1.1.3)
    csv (3.1.7)
    ethon (0.12.0)
      ffi (>= 1.3.0)
    ffi (1.13.1)
    json (2.3.1)
    method_source (1.0.0)
    pry (0.13.1)
      coderay (~> 1.1)
      method_source (~> 1.0)
    typhoeus (1.4.0)
      ethon (>= 0.9.0)
    ynab (1.20.0)
      json (~> 2.1, >= 2.1.0)
      typhoeus (~> 1.0, >= 1.0.1)

PLATFORMS
  ruby

DEPENDENCIES
  csv
  pry
  ynab

BUNDLED WITH
   1.17.2
